GIT
  remote: git://github.com/siteleaf/siteleaf-gem.git
  revision: 50bb5515d687b8f97eabde717801b4be78097ee8
  specs:
    siteleaf (0.9.20)
      httmultiparty
      httparty (<= 0.11)
      rack

GEM
  remote: http://rubygems.org/
  specs:
    activesupport (3.2.17)
      i18n (~> 0.6, >= 0.6.4)
      multi_json (~> 1.0)
    bourbon (3.1.8)
      sass (>= 3.2.0)
      thor
    builder (3.2.2)
    chunky_png (1.3.0)
    coffee-script (2.2.0)
      coffee-script-source
      execjs
    coffee-script-source (1.7.0)
    colorize (0.6.0)
    compass (0.12.2)
      chunky_png (~> 1.2)
      fssm (>= 0.2.7)
      sass (~> 3.1)
    em-websocket (0.5.0)
      eventmachine (>= 0.12.9)
      http_parser.rb (~> 0.5.3)
    eventmachine (1.0.3)
    excon (0.31.0)
    execjs (1.4.0)
      multi_json (~> 1.0)
    ffi (1.9.3)
    fog (1.20.0)
      builder
      excon (~> 0.31.0)
      formatador (~> 0.2.0)
      mime-types
      multi_json (~> 1.0)
      net-scp (~> 1.1)
      net-ssh (>= 2.1.3)
      nokogiri (>= 1.5.11)
    formatador (0.2.4)
    fssm (0.2.10)
    goodreads (0.3.0)
      activesupport (>= 3)
      hashie (~> 2.0)
      i18n (~> 0.5)
      oauth (~> 0.4)
      rest-client (~> 1.6)
    haml (4.0.5)
      tilt
    hashie (2.0.5)
    hike (1.2.3)
    httmultiparty (0.3.12)
      httparty (>= 0.7.3)
      mimemagic
      multipart-post
    http_parser.rb (0.5.3)
    httparty (0.11.0)
      multi_json (~> 1.0)
      multi_xml (>= 0.5.2)
    i18n (0.6.9)
    json (1.8.1)
    kramdown (1.3.2)
    listen (1.3.1)
      rb-fsevent (>= 0.9.3)
      rb-inotify (>= 0.9)
      rb-kqueue (>= 0.2)
    map (6.5.3)
    middleman (3.2.2)
      coffee-script (~> 2.2.0)
      compass (>= 0.12.2)
      execjs (~> 1.4.0)
      haml (>= 3.1.6)
      kramdown (~> 1.2)
      middleman-core (= 3.2.2)
      middleman-sprockets (>= 3.1.2)
      sass (>= 3.1.20)
      uglifier (~> 2.4.0)
    middleman-bourbon (0.0.2)
      bourbon (>= 2.1.0)
    middleman-core (3.2.2)
      activesupport (~> 3.2.6)
      bundler (~> 1.1)
      i18n (~> 0.6.9)
      listen (~> 1.1)
      rack (>= 1.4.5)
      rack-test (~> 0.6.1)
      thor (>= 0.15.2, < 2.0)
      tilt (~> 1.4.1)
    middleman-livereload (3.1.1)
      em-websocket (>= 0.2.0)
      middleman-core (>= 3.0.2)
      multi_json (~> 1.0)
      rack-livereload
    middleman-neat (0.0.4)
      bourbon (>= 2.1)
      neat (>= 1.1.0)
    middleman-s3_sync (3.0.24)
      colorize
      fog (>= 1.10.1)
      map
      middleman-core (>= 3.0.0)
      pmap
      ruby-progressbar
      unf
    middleman-sprockets (3.2.0)
      middleman-core (~> 3.2)
      sprockets (~> 2.1)
      sprockets-helpers (~> 1.0.0)
      sprockets-sass (~> 1.0.0)
    mime-types (2.1)
    mimemagic (0.2.1)
    mini_portile (0.5.2)
    multi_json (1.8.4)
    multi_xml (0.5.5)
    multipart-post (2.0.0)
    neat (1.5.0)
      bourbon (>= 2.1)
      sass (>= 3.2)
    net-scp (1.1.2)
      net-ssh (>= 2.6.5)
    net-ssh (2.8.0)
    nokogiri (1.6.1)
      mini_portile (~> 0.5.0)
    oauth (0.4.7)
    pmap (1.0.1)
    puma (2.7.1)
      rack (>= 1.1, < 2.0)
    rack (1.5.2)
    rack-livereload (0.3.15)
      rack
    rack-test (0.6.2)
      rack (>= 1.0)
    rb-fsevent (0.9.4)
    rb-inotify (0.9.3)
      ffi (>= 0.5.0)
    rb-kqueue (0.2.2)
      ffi (>= 0.5.0)
    redcarpet (3.1.1)
    rest-client (1.6.7)
      mime-types (>= 1.16)
    ruby-progressbar (1.4.1)
    sass (3.2.14)
    sprockets (2.11.0)
      hike (~> 1.2)
      multi_json (~> 1.0)
      rack (~> 1.0)
      tilt (~> 1.1, != 1.3.0)
    sprockets-helpers (1.0.1)
      sprockets (~> 2.0)
    sprockets-sass (1.0.2)
      sprockets (~> 2.0)
      tilt (~> 1.1)
    thor (0.18.1)
    tilt (1.4.1)
    uglifier (2.4.0)
      execjs (>= 0.3.0)
      json (>= 1.8.0)
    unf (0.1.3)
      unf_ext
    unf_ext (0.0.6)

PLATFORMS
  ruby

DEPENDENCIES
  goodreads
  httparty (= 0.11.0)
  middleman (~> 3.2.2)
  middleman-bourbon
  middleman-livereload (~> 3.1.0)
  middleman-neat
  middleman-s3_sync
  puma
  redcarpet
  siteleaf!
